PATH
  remote: .
  specs:
    idi_captcha (0.1.0)
      mini_magick (>= 4.9, < 5.0)

GEM
  remote: https://rubygems.org/
  specs:
    diff-lcs (1.6.2)
    mini_magick (4.13.2)
    rake (12.3.3)
    rspec (3.13.1)
      rspec-core (~> 3.13.0)
      rspec-expectations (~> 3.13.0)
      rspec-mocks (~> 3.13.0)
    rspec-core (3.13.5)
      rspec-support (~> 3.13.0)
    rspec-expectations (3.13.5)
      diff-lcs (>= 1.2.0, < 2.0)
      rspec-support (~> 3.13.0)
    rspec-mocks (3.13.5)
      diff-lcs (>= 1.2.0, < 2.0)
      rspec-support (~> 3.13.0)
    rspec-support (3.13.4)

PLATFORMS
  ruby

DEPENDENCIES
  idi_captcha!
  rake (~> 12.0)
  rspec (~> 3.0)

BUNDLED WITH
   2.1.4
